GEM
  remote: http://rubygems.org/
  remote: http://torquebox.org/2x/builds/LATEST/gem-repo/
  specs:
    blankslate (2.1.2.4)
    clj (0.0.5.6)
    haml (3.0.25)
    json (1.5.3)
    json (1.5.3-java)
    rack (1.4.1)
    rake (0.9.2.2)
    sinatra (1.2.6)
      rack (~> 1.1)
      tilt (>= 1.2.2, < 2.0)
    thor (0.14.6)
    tilt (1.3.3)
    torquebox (2.0.0.cr1)
      thor (>= 0.9.0, < 1.0.0)
      torquebox-cache (= 2.0.0.cr1)
      torquebox-configure (= 2.0.0.cr1)
      torquebox-core (= 2.0.0.cr1)
      torquebox-messaging (= 2.0.0.cr1)
      torquebox-naming (= 2.0.0.cr1)
      torquebox-rake-support (= 2.0.0.cr1)
      torquebox-security (= 2.0.0.cr1)
      torquebox-stomp (= 2.0.0.cr1)
      torquebox-transactions (= 2.0.0.cr1)
      torquebox-web (= 2.0.0.cr1)
    torquebox-cache (2.0.0.cr1-java)
      torquebox-core (= 2.0.0.cr1)
      torquebox-transactions (= 2.0.0.cr1)
    torquebox-configure (2.0.0.cr1-java)
      blankslate (= 2.1.2.4)
    torquebox-core (2.0.0.cr1-java)
    torquebox-messaging (2.0.0.cr1-java)
      clj (= 0.0.5.6)
      torquebox-core (= 2.0.0.cr1)
      torquebox-transactions (= 2.0.0.cr1)
    torquebox-naming (2.0.0.cr1-java)
    torquebox-rake-support (2.0.0.cr1)
      rake (>= 0.8.7, < 1.0.0)
    torquebox-security (2.0.0.cr1-java)
      torquebox-core (= 2.0.0.cr1)
    torquebox-server (2.0.0.cr1-java)
      torquebox (= 2.0.0.cr1)
    torquebox-stomp (2.0.0.cr1)
      torquebox-core (= 2.0.0.cr1)
      torquebox-messaging (= 2.0.0.cr1)
    torquebox-transactions (2.0.0.cr1)
      torquebox-core (= 2.0.0.cr1)
    torquebox-web (2.0.0.cr1-java)

PLATFORMS
  java
  ruby

DEPENDENCIES
  haml (~> 3.0.0)
  json (= 1.5.3)
  sinatra (= 1.2.6)
  torquebox-server (~> 2.x.incremental.357)
